GIT
  remote: git://github.com/jlong/serve.git
  revision: 718875a0928e54d6f9407abdb4b976d453fe002e
  specs:
    serve (1.5.2)
      activesupport (~> 3.2.12)
      i18n
      rack (~> 1.5.2)
      rack-test (~> 0.6.2)
      tilt (~> 1.3.3)
      tzinfo

GEM
  remote: https://rubygems.org/
  specs:
    RedCloth (4.2.9)
    activesupport (3.2.13)
      i18n (= 0.6.1)
      multi_json (~> 1.0)
    addressable (2.8.0)
      public_suffix (>= 2.0.2, < 5.0)
    chunky_png (1.2.8)
    coffee-script (2.2.0)
      coffee-script-source
      execjs
    coffee-script-source (1.6.2)
    commonjs (0.2.6)
    compass (0.12.2)
      chunky_png (~> 1.2)
      fssm (>= 0.2.7)
      sass (~> 3.1)
    concurrent-ruby (1.1.10)
    css_parser (1.2.6)
      addressable
      rdoc
    diff-lcs (1.1.3)
    erubis (2.7.0)
    execjs (1.4.0)
      multi_json (~> 1.0)
    fssm (0.2.10)
    git (1.13.0)
      addressable (~> 2.8)
      rchardet (~> 1.8)
    haml (3.1.8)
    i18n (0.6.1)
    jeweler (1.6.4)
      bundler (~> 1.0)
      git (>= 1.2.5)
      rake
    less (2.2.2)
      commonjs (~> 0.2.6)
    maruku (0.6.1)
      syntax (>= 1.0.0)
    multi_json (1.7.3)
    public_suffix (4.0.6)
    rack (1.5.5)
    rack-test (0.6.2)
      rack (>= 1.0)
    radius (0.7.3)
    rake (10.0.4)
    rchardet (1.8.0)
    rdiscount (2.0.7.3)
    rdoc (6.3.2)
    rspec (2.12.0)
      rspec-core (~> 2.12.0)
      rspec-expectations (~> 2.12.0)
      rspec-mocks (~> 2.12.0)
    rspec-core (2.12.2)
    rspec-expectations (2.12.1)
      diff-lcs (~> 1.1.3)
    rspec-mocks (2.12.2)
    sass (3.2.8)
    slim (1.3.8)
      temple (~> 0.6.3)
      tilt (~> 1.3.3)
    syntax (1.0.0)
    temple (0.6.4)
    tilt (1.3.7)
    tzinfo (2.0.5)
      concurrent-ruby (~> 1.0)

PLATFORMS
  ruby

DEPENDENCIES
  RedCloth (~> 4.2.9)
  activesupport (~> 3.2.12)
  coffee-script (~> 2.2.0)
  compass (~> 0.12.2)
  css_parser (~> 1.2.6)
  erubis (~> 2.7.0)
  haml (~> 3.1.7)
  i18n
  jeweler (~> 1.6.4)
  less (~> 2.2.2)
  maruku (~> 0.6.1)
  rack (~> 1.5.5)
  rack-test (~> 0.6.2)
  radius (~> 0.7.3)
  rake (~> 10.0.3)
  rdiscount (~> 2.0.7)
  rdoc (~> 6.3.2)
  rspec (~> 2.12.0)
  sass (~> 3.2.5)
  serve!
  slim (~> 1.3.6)
  tilt (~> 1.3.3)
  tzinfo
