GIT
  remote: git://github.com/tka/rack-coffee
  revision: aef16a7ea20a12cd479d83ccde1de23b204b196c
  specs:
    rack-coffee (1.0.0)
      coffee-script
      rack

GIT
  remote: git://github.com/tka/serve.git
  revision: 42b5d539d8719f396dfa89177f3b8a0352822173
  specs:
    serve (1.5.1)
      activesupport (~> 3.0)
      i18n
      rack (~> 1.2)
      rack-test (~> 0.5)
      tilt (~> 1.3)
      tzinfo

GEM
  remote: http://rubygems.org/
  specs:
    activesupport (3.2.3)
      i18n (~> 0.6)
      multi_json (~> 1.0)
    chunky_png (1.2.5)
    coffee-script (2.2.0)
      coffee-script-source
      execjs
    coffee-script-source (1.2.0)
    compass (0.12.1)
      chunky_png (~> 1.2)
      fssm (>= 0.2.7)
      sass (~> 3.1)
    daemons (1.1.8)
    eventmachine (0.12.10)
    execjs (1.3.0)
      multi_json (~> 1.0)
    fssm (0.2.8.1)
    haml (3.1.4)
    i18n (0.6.0)
    multi_json (1.2.0)
    rack (1.4.1)
    rack-test (0.6.1)
      rack (>= 1.0)
    sass (3.1.15)
    thin (1.3.1)
      daemons (>= 1.0.9)
      eventmachine (>= 0.12.6)
      rack (>= 1.0.0)
    tilt (1.3.3)
    tzinfo (0.3.32)

PLATFORMS
  ruby

DEPENDENCIES
  compass
  haml
  rack-coffee!
  serve!
  thin
